GEM
  remote: https://rubygems.org/
  specs:
    bioinform (0.2.2)
    mini_portile2 (2.2.0)
    nokogiri (1.8.0)
      mini_portile2 (~> 2.2.0)
    rake (12.0.0)
    rmagick (2.16.0)
    rubyXL (3.3.26)
      nokogiri (>= 1.4.4)
      rubyzip (>= 1.1.6)
    rubyzip (1.2.1)
    sequence_logo (1.2.1)
      rmagick (~> 2.13)

PLATFORMS
  ruby

DEPENDENCIES
  bioinform (~> 0.2.2)
  rake
  rubyXL
  sequence_logo (~> 1.2.0)

BUNDLED WITH
   1.15.3
