GEM
  remote: https://rubygems.org/
  specs:
    bioinform (0.2.2)
    mini_portile (0.6.2)
    nokogiri (1.6.6.2)
      mini_portile (~> 0.6.0)
    rmagick (2.13.4)
    rubyXL (3.3.11)
      nokogiri (>= 1.4.4)
      rubyzip (>= 1.1.6)
    rubyzip (1.1.7)
    sequence_logo (1.2.0)
      rmagick (~> 2.13.1)

PLATFORMS
  ruby

DEPENDENCIES
  bioinform (~> 0.2.2)
  rubyXL
  sequence_logo (~> 1.2.0)

BUNDLED WITH
   1.10.6
